GEM
  remote: http://rubygems.org/
  specs:
    albacore (0.1.5)
      net-sftp (>= 2.0.2)
      net-ssh (>= 2.0.15)
      rake (>= 0.8.7)
      rubyzip (>= 0.9.1)
    net-sftp (2.0.5)
      net-ssh (>= 2.0.9)
    net-ssh (2.0.23)
    noodle (0.3.0)
      bundler (>= 1.0.0.rc.3)
      rake
    norm (0.9.8)
      xunitnet (> 1.5.0)
    nunit (2.5.7.10213.20100801)
    rake (0.8.7)
    rubyzip (0.9.4)
    xunitnet (1.6.0)

PLATFORMS
  x86-mingw32

DEPENDENCIES
  albacore
  noodle
  norm
  nunit
